PATH
  remote: .
  specs:
    bridge (0.1.4)

GEM
  remote: http://rubygems.org/
  specs:
    rake (0.8.7)
    test-unit (2.1.2)

PLATFORMS
  ruby

DEPENDENCIES
  bridge!
  rake
  test-unit (>= 2.0)
