GEM
  remote: http://rubygems.org/
  specs:
    rake (0.8.7)
    test-unit (2.1.1)

PLATFORMS
  ruby

DEPENDENCIES
  rake
  test-unit (>= 2)
